GEM
  remote: http://rubygems.org/
  specs:
    diff-lcs (1.2.4)
    ffi (1.8.1)
    haml (4.0.2)
      tilt
    i18n (0.4.2)
    listen (1.1.5)
      rb-fsevent (>= 0.9.3)
      rb-inotify (>= 0.9)
      rb-kqueue (>= 0.2)
    mime-types (1.23)
    rack (1.5.2)
    rack-protection (1.5.0)
      rack
    rb-fsevent (0.9.3)
    rb-inotify (0.9.0)
      ffi (>= 0.5.0)
    rb-kqueue (0.2.0)
      ffi (>= 0.5.0)
    rerun (0.8.1)
      listen (>= 1.0.3)
    rest-client (1.6.7)
      mime-types (>= 1.16)
    rspec (2.13.0)
      rspec-core (~> 2.13.0)
      rspec-expectations (~> 2.13.0)
      rspec-mocks (~> 2.13.0)
    rspec-core (2.13.1)
    rspec-expectations (2.13.0)
      diff-lcs (>= 1.1.3, < 2.0)
    rspec-mocks (2.13.1)
    sinatra (1.4.2)
      rack (~> 1.5, >= 1.5.2)
      rack-protection (~> 1.4)
      tilt (~> 1.3, >= 1.3.4)
    sinatra-twitter-bootstrap (2.3.1.1)
    tilt (1.4.1)

PLATFORMS
  ruby

DEPENDENCIES
  haml
  i18n (~> 0.4.1)
  rb-fsevent (~> 0.9.1)
  rerun
  rest-client
  rspec
  sinatra
  sinatra-twitter-bootstrap
